GEM
  remote: https://rubygems.org/
  specs:
    byebug (11.0.1)
    colored (1.2)
    cri (2.15.6)
    faraday (0.13.1)
      multipart-post (>= 1.2, < 3)
    faraday_middleware (0.12.2)
      faraday (>= 0.7.4, < 1.0)
    fast_gettext (1.1.2)
    gettext (3.2.9)
      locale (>= 2.0.5)
      text (>= 1.3.0)
    gettext-setup (0.30)
      fast_gettext (~> 1.1.0)
      gettext (>= 3.0.2)
      locale
    git (1.5.0)
    locale (2.1.2)
    log4r (1.1.10)
    minitar (0.8)
    molinillo (0.6.6)
    multi_json (1.13.1)
    multipart-post (2.1.1)
    puppet_forge (2.2.9)
      faraday (>= 0.9.0, < 0.14.0)
      faraday_middleware (>= 0.9.0, < 0.13.0)
      gettext-setup (~> 0.11)
      minitar
      semantic_puppet (~> 1.0)
    r10k (3.2.0)
      colored (= 1.2)
      cri (~> 2.15.1)
      gettext-setup (~> 0.24)
      log4r (= 1.1.10)
      multi_json (~> 1.10)
      puppet_forge (~> 2.2.8)
    ra10ke (0.5.0)
      git
      puppet_forge
      r10k
      rake
      semverse (~> 2.0)
      solve
    rake (13.0.1)
    semantic_puppet (1.0.2)
    semverse (2.0.0)
    solve (4.0.2)
      molinillo (~> 0.6)
      semverse (>= 1.1, < 4.0)
    text (1.3.1)

PLATFORMS
  ruby
  x86_64-darwin-17
  x86_64-darwin-18

DEPENDENCIES
  byebug
  ra10ke

BUNDLED WITH
   2.0.1
